GEM
  remote: https://rubygems.org/
  specs:
    apstrings (0.4.1)
    colored (1.2)

PLATFORMS
  x86_64-darwin-20

DEPENDENCIES
  apstrings
  colored

BUNDLED WITH
   2.2.32
